GEM
  remote: https://rubygems.org/
  specs:
    net-http (0.4.1)
      uri
    net-ping (2.0.8)
    uri (0.13.0)

PLATFORMS
  arm64-darwin-22
  arm64-darwin-23

DEPENDENCIES
  net-http (~> 0.4.1)
  net-ping
  uri (~> 0.13.0)

RUBY VERSION
   ruby 3.2.4p170

BUNDLED WITH
   2.4.19
